PATH
  remote: .
  specs:
    quantified (1.1.0)

GEM
  remote: https://rubygems.org/
  specs:
    power_assert (2.0.3)
    rake (13.2.1)
    test-unit (3.6.2)
      power_assert

PLATFORMS
  arm64-darwin-22
  ruby

DEPENDENCIES
  quantified!
  rake
  test-unit

BUNDLED WITH
   2.5.7
